GEM
  remote: https://rubygems.org/
  specs:
    astronoby (0.5.0)
      matrix (~> 0.4.2)
      rake (~> 13.0)
      rspec (~> 3.0)
    diff-lcs (1.5.1)
    matrix (0.4.2)
    parslet (2.0.0)
    rake (13.2.1)
    rspec (3.13.0)
      rspec-core (~> 3.13.0)
      rspec-expectations (~> 3.13.0)
      rspec-mocks (~> 3.13.0)
    rspec-core (3.13.1)
      rspec-support (~> 3.13.0)
    rspec-expectations (3.13.3)
      diff-lcs (>= 1.2.0, < 2.0)
      rspec-support (~> 3.13.0)
    rspec-mocks (3.13.1)
      diff-lcs (>= 1.2.0, < 2.0)
      rspec-support (~> 3.13.0)
    rspec-support (3.13.1)
    ruby-termios (1.1.0)
    toml (0.3.0)
      parslet (>= 1.8.0, < 3.0.0)
    uart (1.0.0)
      ruby-termios

PLATFORMS
  arm64-darwin-23

DEPENDENCIES
  astronoby (~> 0.5.0)
  toml (~> 0.3.0)
  uart (~> 1.0)

RUBY VERSION
   ruby 3.3.5p100

BUNDLED WITH
   2.4.22
